GEM
  remote: http://rubygems.org/
  specs:
    activesupport (3.0.1)
    addressable (2.2.2)
    blockenspiel (0.4.1)
    callsite (0.0.4)
    data_objects (0.10.2)
      addressable (~> 2.1)
    dm-core (1.0.2)
      addressable (~> 2.2)
      extlib (~> 0.9.15)
    dm-do-adapter (1.0.2)
      data_objects (~> 0.10.2)
      dm-core (~> 1.0.2)
    dm-migrations (1.0.2)
      dm-core (~> 1.0.2)
    dm-sqlite-adapter (1.0.2)
      dm-do-adapter (~> 1.0.2)
      do_sqlite3 (~> 0.10.2)
    dm-validations (1.0.2)
      dm-core (~> 1.0.2)
    do_sqlite3 (0.10.2)
      data_objects (= 0.10.2)
    extlib (0.9.15)
    i18n (0.4.2)
    json (1.4.6)
    nanotest (0.9.4.1)
    nanotest_extensions (0.6.3)
    rainbow (1.1)
    rake (0.8.7)
    thor (0.14.3)
    tumbler (0.0.16)
      bundler
      callsite
      json
      rainbow
      thor
      versionomy
    tzinfo (0.3.23)
    versionomy (0.4.0)
      blockenspiel (>= 0.3.1)
    watchr (0.7)

PLATFORMS
  ruby

DEPENDENCIES
  activesupport (>= 3.0.0.beta3)
  dm-core
  dm-migrations
  dm-sqlite-adapter
  dm-validations
  i18n
  nanotest
  nanotest_extensions
  rake
  tumbler
  tzinfo
  watchr
